GEM
  remote: http://rubygems.org/
  specs:
    airbrake (4.0.0)
      builder
      multi_json
    amq-protocol (1.9.2)
    builder (3.2.2)
    bunny (1.7.0)
      amq-protocol (>= 1.9.2)
    diff-lcs (1.2.5)
    excon (0.44.4)
    faraday (0.9.1)
      multipart-post (>= 1.2, < 3)
    kgio (2.9.2)
    le (2.5.0)
    multi_json (1.10.1)
    multipart-post (2.0.0)
    rack (1.5.2)
    rack-protection (1.5.3)
      rack
    rack-test (0.6.2)
      rack (>= 1.0)
    raindrops (0.13.0)
    rake (10.3.2)
    require_all (1.3.2)
    rspec (3.1.0)
      rspec-core (~> 3.1.0)
      rspec-expectations (~> 3.1.0)
      rspec-mocks (~> 3.1.0)
    rspec-core (3.1.7)
      rspec-support (~> 3.1.0)
    rspec-expectations (3.1.2)
      diff-lcs (>= 1.2.0, < 2.0)
      rspec-support (~> 3.1.0)
    rspec-mocks (3.1.3)
      rspec-support (~> 3.1.0)
    rspec-support (3.1.2)
    sinatra (1.4.5)
      rack (~> 1.4)
      rack-protection (~> 1.4)
      tilt (~> 1.3, >= 1.3.4)
    sinatra-logentries (0.0.2)
      le (>= 2.1.6)
    tilt (1.4.1)
    unicorn (4.8.3)
      kgio (~> 2.6)
      rack
      raindrops (~> 0.7)

PLATFORMS
  ruby

DEPENDENCIES
  airbrake
  bunny
  excon
  faraday
  le
  rack
  rack-test
  rake
  require_all
  rspec
  sinatra
  sinatra-logentries
  unicorn
